GEM
  remote: https://rubygems.org/
  specs:
    geomotion (0.0.1)
    rake (0.9.2.2)
    rubymotion_generators (0.0.3)
      thor (~> 0.15)
    sugarcube (0.9.2)
      rake
    thor (0.16.0)

PLATFORMS
  ruby

DEPENDENCIES
  geomotion
  rubymotion_generators
  sugarcube
